GEM
  remote: http://rubygems.org/
  specs:
    ffi (1.0.11)
    jslint-v8 (1.1.0)
      therubyracer (~> 0.9.4)
    libv8 (3.3.10.4)
    rake (0.9.2.2)
    rb-inotify (0.8.8)
      ffi (>= 0.5.0)
    therubyracer (0.9.10)
      libv8 (~> 3.3.10)

PLATFORMS
  ruby

DEPENDENCIES
  jslint-v8
  rake
  rb-inotify
